GEM
  remote: https://rubygems.org/
  specs:
    backports (3.3.3)
    json (1.7.7)
    multi_json (1.7.9)
    rack (1.5.2)
    rack-protection (1.5.0)
      rack
    rack-test (0.6.2)
      rack (>= 1.0)
    sinatra (1.4.3)
      rack (~> 1.4)
      rack-protection (~> 1.4)
      tilt (~> 1.3, >= 1.3.4)
    sinatra-contrib (1.4.1)
      backports (>= 2.0)
      multi_json
      rack-protection
      rack-test
      sinatra (~> 1.4.0)
      tilt (~> 1.3)
    slim (2.0.1)
      temple (~> 0.6.6)
      tilt (>= 1.3.3, < 2.1)
    temple (0.6.6)
    tilt (1.4.1)

PLATFORMS
  ruby

DEPENDENCIES
  json
  sinatra
  sinatra-contrib
  slim
